PATH
  remote: .
  specs:
    premailer (1.15.0)
      addressable
      css_parser (>= 1.6.0)
      htmlentities (>= 4.0.0)

GEM
  remote: https://rubygems.org/
  specs:
    addressable (2.8.0)
      public_suffix (>= 2.0.2, < 5.0)
    bump (0.10.0)
    coderay (1.1.3)
    coveralls (0.8.23)
      json (>= 1.8, < 3)
      simplecov (~> 0.16.1)
      term-ansicolor (~> 1.3)
      thor (>= 0.19.4, < 2.0)
      tins (~> 1.6)
    crack (0.4.5)
      rexml
    css_parser (1.10.0)
      addressable
    date (3.2.2)
    docile (1.4.0)
    ffi (1.15.4-java)
    hashdiff (1.0.1)
    htmlentities (4.3.4)
    io-wait (0.2.1)
    jruby-openssl (0.11.0-java)
    json (2.6.1)
    json (2.6.1-java)
    maxitest (4.1.0)
      minitest (>= 5.0.0, < 5.15.0)
    method_source (1.0.0)
    mini_portile2 (2.3.0)
    minitest (5.14.4)
    net-ftp (0.1.3)
      net-protocol
      time
    net-protocol (0.1.2)
      io-wait
      timeout
    nokogiri (1.8.5)
      mini_portile2 (~> 2.3.0)
    nokogiri (1.8.5-java)
    nokogumbo (2.0.5)
      nokogiri (~> 1.8, >= 1.8.4)
    pry (0.14.1)
      coderay (~> 1.1)
      method_source (~> 1.0)
    pry (0.14.1-java)
      coderay (~> 1.1)
      method_source (~> 1.0)
      spoon (~> 0.0)
    public_suffix (4.0.6)
    rake (13.0.6)
    redcarpet (3.5.1)
    rexml (3.2.5)
    simplecov (0.16.1)
      docile (~> 1.1)
      json (>= 1.8, < 3)
      simplecov-html (~> 0.10.0)
    simplecov-html (0.10.2)
    spoon (0.0.6)
      ffi
    sync (0.5.0)
    term-ansicolor (1.7.1)
      tins (~> 1.0)
    thor (1.1.0)
    time (0.2.0)
      date
    timeout (0.2.0)
    tins (1.29.1)
      sync
    webmock (3.14.0)
      addressable (>= 2.8.0)
      crack (>= 0.3.2)
      hashdiff (>= 0.4.0, < 2.0.0)

PLATFORMS
  java
  ruby

DEPENDENCIES
  bump
  bundler (>= 1.3)
  coveralls
  jruby-openssl
  maxitest
  net-ftp
  nokogiri (~> 1.8.2)
  nokogumbo
  premailer!
  pry
  rake (> 0.8, != 0.9.0)
  redcarpet (~> 3.0)
  webmock

BUNDLED WITH
   2.3.3
